GEM
  remote: https://rubygems.org/
  specs:
    basecustom (1.0.2)
    diff-lcs (1.3)
    histogram (0.2.4.1)
    mini_portile2 (2.3.0)
    nokogiri (1.8.5)
      mini_portile2 (~> 2.3.0)
    roo (2.7.0)
      nokogiri (~> 1)
      rubyzip (~> 1.1, < 2.0.0)
    rspec (3.6.0)
      rspec-core (~> 3.6.0)
      rspec-expectations (~> 3.6.0)
      rspec-mocks (~> 3.6.0)
    rspec-core (3.6.0)
      rspec-support (~> 3.6.0)
    rspec-expectations (3.6.0)
      diff-lcs (>= 1.2.0, < 2.0)
      rspec-support (~> 3.6.0)
    rspec-mocks (3.6.0)
      diff-lcs (>= 1.2.0, < 2.0)
      rspec-support (~> 3.6.0)
    rspec-support (3.6.0)
    rubyzip (1.2.2)

PLATFORMS
  ruby

DEPENDENCIES
  basecustom
  histogram
  roo (= 2.7.0)
  rspec (~> 3.6.0)

BUNDLED WITH
   1.17.1
